PATH
  remote: .
  specs:
    geotix_presenter_plugin (0.0.1)

GEM
  remote: https://rubygems.org/
  specs:
    rake (10.4.2)

PLATFORMS
  ruby

DEPENDENCIES
  bundler (~> 1.16)
  geotix_presenter_plugin!
  rake (~> 10.0)

BUNDLED WITH
   1.17.3
