PATH
  remote: .
  specs:
    geotix_presenter_plugin (0.0.1)

GEM
  remote: https://rubygems.org/
  specs:
    rake (12.3.3)

PLATFORMS
  ruby

DEPENDENCIES
  bundler (~> 1.16)
  geotix_presenter_plugin!
  rake (~> 12.3)

BUNDLED WITH
   1.17.3
