PATH
  remote: .
  specs:
    theme_presenter_plugin (0.0.1)

GEM
  remote: https://rubygems.org/
  specs:
    rake (12.3.3)

PLATFORMS
  ruby

DEPENDENCIES
  bundler (~> 1.16)
  rake (~> 12.3)
  theme_presenter_plugin!

BUNDLED WITH
   1.17.3
