PATH
  remote: .
  specs:
    theme_presenter_plugin (0.0.1)

GEM
  remote: https://rubygems.org/
  specs:
    rake (12.3.3)

PLATFORMS
  x86_64-darwin-20
  x86_64-linux

DEPENDENCIES
  bundler (~> 2.2.19)
  rake (~> 12.3)
  theme_presenter_plugin!

BUNDLED WITH
   2.2.19
